PATH
  remote: .
  specs:
    smartmachine (1.1.0)
      activesupport (~> 6.0)
      bcrypt (~> 3.1, >= 3.1.13)
      bcrypt_pbkdf (>= 1.0, < 2.0)
      bundler (>= 2.1.4, < 3.0.0)
      ed25519 (>= 1.2, < 2.0)
      net-ssh (~> 6.1)
      thor (~> 1.0, >= 1.0.1)
      whenever (~> 1.0)

GEM
  remote: https://rubygems.org/
  specs:
    activesupport (6.1.7.3)
      concurrent-ruby (~> 1.0, >= 1.0.2)
      i18n (>= 1.6, < 2)
      minitest (>= 5.1)
      tzinfo (~> 2.0)
      zeitwerk (~> 2.3)
    bcrypt (3.1.18)
    bcrypt_pbkdf (1.1.0)
    chronic (0.10.2)
    concurrent-ruby (1.2.2)
    ed25519 (1.3.0)
    i18n (1.12.0)
      concurrent-ruby (~> 1.0)
    minitest (5.15.0)
    net-ssh (6.1.0)
    rake (12.3.3)
    thor (1.2.1)
    tzinfo (2.0.6)
      concurrent-ruby (~> 1.0)
    whenever (1.0.0)
      chronic (>= 0.6.3)
    zeitwerk (2.6.7)

PLATFORMS
  ruby
  x86_64-darwin-19

DEPENDENCIES
  minitest (~> 5.0)
  rake (~> 12.0)
  smartmachine!

BUNDLED WITH
   2.2.4
